PATH
  remote: .
  specs:
    guard-rails-assets (0.0.3)
      guard

GEM
  remote: http://rubygems.org/
  specs:
    diff-lcs (1.1.2)
    guard (0.4.2)
      thor (~> 0.14.6)
    rake (0.9.2)
    rspec (2.6.0)
      rspec-core (~> 2.6.0)
      rspec-expectations (~> 2.6.0)
      rspec-mocks (~> 2.6.0)
    rspec-core (2.6.4)
    rspec-expectations (2.6.0)
      diff-lcs (~> 1.1.2)
    rspec-mocks (2.6.0)
    thor (0.14.6)

PLATFORMS
  ruby

DEPENDENCIES
  guard-rails-assets!
  rake
  rspec
